GIT
  remote: git://github.com/basho/ripple.git
  revision: 913806aa2942db5a3b61d1432d2c9be200338f50
  ref: 913806aa2942db5a3b61d1432d2c9be200338f50
  specs:
    ripple (1.0.0.beta2)
      activemodel (>= 3.0.0, < 3.3.0)
      activesupport (>= 3.0.0, < 3.3.0)
      riak-client (~> 1.1.0)
      tzinfo

GEM
  remote: https://rubygems.org/
  specs:
    activemodel (3.2.12)
      activesupport (= 3.2.12)
      builder (~> 3.0.0)
    activesupport (3.2.12)
      i18n (~> 0.6)
      multi_json (~> 1.0)
    addressable (2.2.7)
    albino (1.3.3)
      posix-spawn (>= 0.3.6)
    backports (2.3.0)
    beefcake (0.3.7)
    builder (3.0.4)
    classifier (1.3.3)
      fast-stemmer (>= 1.0.0)
    columnize (0.3.6)
    commander (4.0.5)
      highline (>= 1.5.0)
    crack (0.3.2)
    debugger (1.6.0)
      columnize (>= 0.3.1)
      debugger-linecache (~> 1.2.0)
      debugger-ruby_core_source (~> 1.2.1)
    debugger-linecache (1.2.0)
    debugger-ruby_core_source (1.2.2)
    directory_watcher (1.4.1)
    emk-sinatra-url-for (0.2.1)
      sinatra (>= 0.9.1.1)
    excon (0.16.4)
    faraday (0.8.7)
      multipart-post (~> 1.1)
    fast-stemmer (1.0.0)
    guard (0.6.2)
      thor (~> 0.14.6)
    guard-test (0.3.0)
      guard (>= 0.2.2)
      test-unit (~> 2.2)
    hashie (2.0.5)
    highline (1.6.2)
    i18n (0.6.4)
    innertube (1.0.2)
    jekyll (0.11.0)
      albino (>= 1.3.2)
      classifier (>= 1.3.1)
      directory_watcher (>= 1.1.1)
      kramdown (>= 0.13.2)
      liquid (>= 1.9.0)
      maruku (>= 0.5.9)
    json (1.8.0)
    json (1.8.0-java)
    kgio (2.6.0)
    kramdown (0.13.3)
    liquid (2.2.2)
    log4r (1.1.10)
    mail (2.5.4)
      mime-types (~> 1.16)
      treetop (~> 1.4.8)
    maruku (0.6.1)
      syntax (>= 1.0.0)
    metaclass (0.0.1)
    mime-types (1.23)
    minitest (2.5.1)
    mocha (0.11.3)
      metaclass (~> 0.0.1)
    monkey-lib (0.5.4)
      backports
    multi_json (1.7.7)
    multipart-post (1.2.0)
    pbkdf2-peter_v (0.1.2)
    polyglot (0.3.3)
    posix-spawn (0.3.6)
    rack (1.5.2)
    rack-contrib (1.1.0)
      rack (>= 0.9.1)
    rack-protection (1.2.0)
      rack
    rack-test (0.6.1)
      rack (>= 1.0)
    raindrops (0.11.0)
    rake (10.0.3)
    random_data (1.5.2)
    rdiscount (1.6.8)
    redis (2.2.2)
    redis-namespace (1.0.3)
      redis (< 3.0.0)
    resque (1.20.0)
      multi_json (~> 1.0)
      redis-namespace (~> 1.0.2)
      sinatra (>= 0.9.2)
      vegas (~> 0.1.2)
    riak-client (1.1.1)
      beefcake (~> 0.3.7)
      builder (>= 2.1.2)
      i18n (>= 0.4.0)
      innertube (~> 1.0.2)
      multi_json (~> 1.0)
    ripple-encryption (0.0.4)
      rake
      riak-client
      ripple
    ruby-prof (0.12.1)
    settings (0.0.4)
    shoulda (2.11.3)
    simplecov (0.6.1)
      multi_json (~> 1.0)
      simplecov-html (~> 0.5.3)
    simplecov-html (0.5.3)
    sinatra (1.3.0)
      rack (~> 1.3)
      rack-protection (~> 1.1)
      tilt (~> 1.3)
    sinatra-advanced-routes (0.5.1)
      monkey-lib (~> 0.5.0)
      sinatra (~> 1.0)
      sinatra-sugar (~> 0.5.0)
    sinatra-reloader (0.5.0)
      sinatra (~> 1.0)
      sinatra-advanced-routes (~> 0.5.0)
    sinatra-sugar (0.5.1)
      monkey-lib (~> 0.5.0)
      sinatra (~> 1.0)
    syntax (1.0.0)
    test-unit (2.3.1)
    thor (0.14.6)
    tilt (1.3.3)
    treetop (1.4.14)
      polyglot
      polyglot (>= 0.3.1)
    tzinfo (1.0.1)
    unicorn (4.6.2)
      kgio (~> 2.6)
      rack
      raindrops (~> 0.7)
    vcr (1.10.3)
    vegas (0.1.11)
      rack (>= 1.0.0)
    webmock (1.11.0)
      addressable (>= 2.2.7)
      crack (>= 0.3.2)
    yajl-ruby (1.1.0)
    yard (0.7.2)

PLATFORMS
  java
  ruby

DEPENDENCIES
  commander
  debugger
  emk-sinatra-url-for
  excon (~> 0.16.4)
  faraday (~> 0.8.7)
  guard
  guard-test
  hashie
  i18n
  jekyll
  json (~> 1.7)
  log4r
  mail
  maruku (= 0.6.1)
  minitest
  mocha (= 0.11.3)
  pbkdf2-peter_v
  rack (= 1.5.2)
  rack-contrib
  rack-test
  rake
  random_data
  rdiscount
  resque
  riak-client (~> 1.1.1)
  ripple!
  ripple-encryption (~> 0.0.4)
  ruby-prof
  settings
  shoulda
  simplecov
  sinatra
  sinatra-reloader
  unicorn (= 4.6.2)
  vcr
  webmock (= 1.11.0)
  yajl-ruby (~> 1.1.0)
  yard
